GEM
  remote: https://rubygems.org/
  specs:
    archive-zip (0.12.0)
      io-like (~> 0.3.0)
    cloudwalk (1.15.0)
      bundler
      rake
    cloudwalk_handshake (1.14.0)
      funky-simplehttp (~> 0.6)
    da_funk (3.23.0)
      archive-zip (~> 0.5)
      bundler
      cloudwalk_handshake
      funky-emv
      posxml_parser
      rake
    funky-emv (1.4.1)
      funky-tlv (~> 0.2)
    funky-simplehttp (0.6.0)
    funky-tlv (0.2.3)
    io-like (0.3.1)
    posxml_parser (2.26.0)
      funky-emv (~> 1)
    rake (12.3.3)

PLATFORMS
  ruby
  x64-mingw32
  x86-mingw32

DEPENDENCIES
  cloudwalk
  da_funk
  funky-emv
  funky-simplehttp
  funky-tlv
  posxml_parser
  rake (= 12.3.3)

BUNDLED WITH
   2.1.4
