GEM
  remote: https://rubygems.org/
  specs:
    cloudwalk_handshake (0.10.0)
    da_funk (0.11.0)
      bundler (~> 1.7)
      cloudwalk_handshake (~> 0.6)
      funky-emv (~> 0.3)
      posxml_parser (~> 0)
      rake (~> 10)
    funky-emv (0.8.0)
      funky-tlv (~> 0.2)
    funky-simplehttp (0.4.4)
    funky-tlv (0.2.3)
    posxml_parser (0.17.0)
      funky-emv (~> 0.3)
    rake (10.5.0)

PLATFORMS
  ruby
  x86-mingw32

DEPENDENCIES
  da_funk
  funky-emv
  funky-simplehttp
  funky-tlv
  rake

BUNDLED WITH
   1.15.1
