GEM
  remote: https://rubygems.org/
  specs:
    archive-zip (0.11.0)
      io-like (~> 0.3.0)
    cloudwalk (1.14.0)
      bundler
      rake
    cloudwalk_handshake (0.13.2)
    da_funk (2.7.1)
      archive-zip (~> 0.5)
      bundler
      cloudwalk_handshake
      funky-emv
      posxml_parser
      rake
    funky-emv (0.20.2)
      funky-tlv (~> 0.2)
    funky-simplehttp (0.5.0)
    funky-tlv (0.2.3)
    io-like (0.3.0)
    posxml_parser (2.15.0)
      funky-emv (~> 0.3)
    rake (10.5.0)

PLATFORMS
  ruby
  x64-mingw32
  x86-mingw32

DEPENDENCIES
  cloudwalk
  da_funk
  funky-emv
  funky-simplehttp
  funky-tlv
  posxml_parser
  rake (= 10.5.0)

BUNDLED WITH
   2.0.1
