GEM
  remote: https://rubygems.org/
  specs:
    archive-zip (0.12.0)
      io-like (~> 0.3.0)
    cloudwalk (2.0.0)
      bundler
      rake
    cloudwalk_handshake (2.0.1)
      funky-simplehttp (~> 1.0)
    da_funk (4.0.1)
      archive-zip (~> 0.5)
      bundler
      cloudwalk_handshake
      funky-emv
      posxml_parser
      rake
    funky-emv (2.0.1)
      funky-tlv (~> 1.0)
    funky-simplehttp (1.0.0)
    funky-tlv (1.0.1)
    io-like (0.3.1)
    posxml_parser (3.0.1)
      funky-emv (~> 2)
    rake (12.3.3)

PLATFORMS
  ruby
  x64-mingw32
  x86-mingw32

DEPENDENCIES
  cloudwalk (= 2.0.0)
  da_funk
  funky-emv
  funky-simplehttp
  funky-tlv
  posxml_parser
  rake (= 12.3.3)

BUNDLED WITH
   2.1.4
