GEM
  remote: https://rubygems.org/
  specs:
    archive-zip (0.10.0)
      io-like (~> 0.3.0)
    cloudwalk (1.4.0)
      bundler
      rake
    cloudwalk_handshake (0.12.0)
    da_funk (1.3.1)
      archive-zip (~> 0.5)
      bundler
      cloudwalk_handshake
      funky-emv
      posxml_parser
      rake
    funky-emv (0.15.0)
      funky-tlv (~> 0.2)
    funky-simplehttp (0.4.4)
    funky-tlv (0.2.3)
    io-like (0.3.0)
    posxml_parser (1.1.0)
      funky-emv (~> 0.3)
    rake (12.3.0)

PLATFORMS
  ruby
  x86-mingw32

DEPENDENCIES
  cloudwalk
  da_funk
  funky-emv
  funky-simplehttp
  funky-tlv
  posxml_parser
  rake

BUNDLED WITH
   1.16.1
